{
	"Modality": "MR",
	"MagneticFieldStrength": 3,
	"ImagingFrequency": 123.259,
	"Manufacturer": "Siemens",
	"ManufacturersModelName": "Prisma_fit",
	"InstitutionName": "IUGM",
	"InstitutionalDepartmentName": "Department",
	"InstitutionAddress": "Chemin Queen-Mary 4565,Montreal,District,CA,H3W 1W5",
	"DeviceSerialNumber": "167006",
	"StationName": "MRC35049",
	"BodyPartExamined": "SPINE",
	"PatientPosition": "HFS",
	"ProcedureStepDescription": "dev^acdc",
	"SoftwareVersions": "syngo MR E11",
	"MRAcquisitionType": "2D",
	"SeriesDescription": "gre_dyn_realtime_shimming_rtSHIM",
	"ProtocolName": "gre_dyn_realtime_shimming_rtSHIM",
	"ScanningSequence": "GR",
	"SequenceVariant": "SP",
	"SequenceName": "fl2d6",
	"ImageType": ["ORIGINAL", "PRIMARY", "M", "ND"],
	"SeriesNumber": 6,
	"AcquisitionTime": "15:49:1.007500",
	"AcquisitionNumber": 1,
	"SliceThickness": 3,
	"SpacingBetweenSlices": 3,
	"SAR": 0.0175132,
	"EchoTime": 0.0023,
	"RepetitionTime": 0.002,
	"RepetitionTimeExcitation": 0.189,
	"FlipAngle": 25,
	"PartialFourier": 1,
	"BaseResolution": 128,
	"ShimSetting": [
		620,
		-7194,
		-9127,
		76,
		28,
		-20,
		-9,
		-22	],
	"TxRefAmp": 252.355,
	"PhaseResolution": 1,
	"ReceiveCoilName": "HeadNeck_64",
	"ReceiveCoilActiveElements": "HC7;NC1,2",
	"PulseSequenceDetails": "%CustomerSeq%\\gre_dyn_realtime_shimming",
	"ConsistencyInfo": "N4_VE11C_LATEST_20160120",
	"PercentPhaseFOV": 50,
	"PercentSampling": 100,
	"EchoTrainLength": 6,
	"PhaseEncodingSteps": 64,
	"AcquisitionMatrixPE": 64,
	"ReconMatrixPE": 64,
	"PixelBandwidth": 795,
	"DwellTime": 4.9e-06,
	"PhaseEncodingDirection": "j-",
	"SliceTiming": [
		0.09375,
		0,
		0.10938,
		0.01562,
		0.125,
		0.03125,
		0.14062,
		0.04688,
		0.15625,
		0.0625,
		0.17188,
		0.07812	],
	"ImageOrientationPatientDICOM": [
		1,
		0,
		0,
		0,
		0.967709,
		0.252069	],
	"InPlanePhaseEncodingDirectionDICOM": "COL",
	"ConversionSoftware": "dcm2niix",
	"ConversionSoftwareVersion": "v1.0.20201102"
}
